GEM
  remote: http://rubygems.org/
  specs:
    capistrano_colors (0.5.5)
    git (1.2.5)
    jeweler (1.6.4)
      bundler (~> 1.0)
      git (>= 1.2.5)
      rake
    rake (0.9.2.2)

PLATFORMS
  ruby

DEPENDENCIES
  capistrano_colors (= 0.5.5)
  jeweler (~> 1.6.4)
